GEM
  remote: http://rubygems.org/
  specs:
    abstract (1.0.0)
    daemons (1.1.0)
    erubis (2.6.6)
      abstract (>= 1.0.0)
    eventmachine (0.12.10)
    extlib (0.9.15)
    json_pure (1.4.6)
    rack (1.2.8)
    sproutcore (1.4.5)
      erubis (~> 2.6.6)
      eventmachine (>= 0.12.10)
      extlib (~> 0.9.15)
      json_pure (~> 1.4.6)
      rack (~> 1.2.1)
      thin (~> 1.2.7)
      thor (~> 0.14.3)
    thin (1.2.7)
      daemons (>= 1.0.9)
      eventmachine (>= 0.12.6)
      rack (>= 1.0.0)
    thor (0.14.6)

PLATFORMS
  ruby

DEPENDENCIES
  sproutcore (~> 1.4.5)
